GEM
  remote: https://rubygems.org/
  specs:
    diff-lcs (1.5.0)
    faraday (2.7.10)
      faraday-net_http (>= 2.0, < 3.1)
      ruby2_keywords (>= 0.0.4)
    faraday-net_http (3.0.2)
    nokogiri (1.15.3-arm64-darwin)
      racc (~> 1.4)
    racc (1.7.1)
    rspec (3.12.0)
      rspec-core (~> 3.12.0)
      rspec-expectations (~> 3.12.0)
      rspec-mocks (~> 3.12.0)
    rspec-core (3.12.2)
      rspec-support (~> 3.12.0)
    rspec-expectations (3.12.3)
      diff-lcs (>= 1.2.0, < 2.0)
      rspec-support (~> 3.12.0)
    rspec-mocks (3.12.6)
      diff-lcs (>= 1.2.0, < 2.0)
      rspec-support (~> 3.12.0)
    rspec-support (3.12.1)
    ruby2_keywords (0.0.5)
    uri (0.12.2)

PLATFORMS
  arm64-darwin-22

DEPENDENCIES
  faraday (~> 2.7, >= 2.7.10)
  nokogiri (~> 1.15, >= 1.15.3)
  rspec (~> 3.12)
  uri (~> 0.12.2)

RUBY VERSION
   ruby 3.1.3p185

BUNDLED WITH
   2.3.26
